GEM
  remote: https://rubygems.org/
  specs:
    adsf (1.1.1)
      rack (>= 1.0.0)
    colored (1.2)
    cri (2.3.0)
      colored (>= 1.2)
    haml (4.0.0)
      tilt
    nanoc (3.6.1)
      cri (~> 2.3)
    rack (1.5.2)
    redcarpet (2.2.2)
    rouge (0.3.2)
      thor
    thor (0.17.0)
    tilt (1.3.6)

PLATFORMS
  ruby

DEPENDENCIES
  adsf
  haml
  nanoc (~> 3.6.1)
  redcarpet
  rouge
