GEM
  remote: https://rubygems.org/
  specs:
    adsf (1.1.1)
      rack (>= 1.0.0)
    chunky_png (1.2.7)
    colored (1.2)
    compass (0.12.2)
      chunky_png (~> 1.2)
      fssm (>= 0.2.7)
      sass (~> 3.1)
    cri (2.3.0)
      colored (>= 1.2)
    fssm (0.2.10)
    haml (4.0.1)
      tilt
    listen (0.7.3)
    nanoc (3.6.1)
      cri (~> 2.3)
    rack (1.5.2)
    rb-fsevent (0.9.3)
    redcarpet (2.2.2)
    rouge (0.3.2)
      thor
    sass (3.2.7)
    thor (0.17.0)
    tilt (1.3.6)

PLATFORMS
  ruby

DEPENDENCIES
  adsf
  compass
  haml
  listen
  nanoc
  rb-fsevent
  redcarpet
  rouge
  sass
