GIT
  remote: https://github.com/vmg/redcarpet/
  revision: 8f70aa8684f7eacae0c628f8a6c79e39c9742eae
  specs:
    redcarpet (3.0.0)

GEM
  remote: https://rubygems.org/
  specs:
    adsf (1.1.1)
      rack (>= 1.0.0)
    binding_of_caller (0.7.1)
      debug_inspector (>= 0.0.1)
    builder (3.2.0)
    chunky_png (1.2.7)
    coderay (1.0.9)
    colored (1.2)
    columnize (0.3.6)
    compass (0.12.2)
      chunky_png (~> 1.2)
      fssm (>= 0.2.7)
      sass (~> 3.1)
    cri (2.3.0)
      colored (>= 1.2)
    debug_inspector (0.0.2)
    debugger (1.5.0)
      columnize (>= 0.3.1)
      debugger-linecache (~> 1.2.0)
      debugger-ruby_core_source (~> 1.2.0)
    debugger-linecache (1.2.0)
    debugger-ruby_core_source (1.2.0)
    fssm (0.2.10)
    haml (4.0.1)
      tilt
    listen (0.7.3)
    method_source (0.8.1)
    nanoc (3.6.4)
      cri (~> 2.3)
    pry (0.9.12)
      coderay (~> 1.0.5)
      method_source (~> 0.8)
      slop (~> 3.4)
    pry-debugger (0.2.2)
      debugger (~> 1.3)
      pry (~> 0.9.10)
    pry-doc (0.4.5)
      pry (>= 0.9)
      yard (>= 0.8)
    pry-stack_explorer (0.4.9)
      binding_of_caller (>= 0.7)
      pry (~> 0.9.11)
    rack (1.5.2)
    rb-fsevent (0.9.3)
    rouge (0.3.9)
      thor
    sass (3.2.7)
    slop (3.4.4)
    thor (0.18.1)
    tilt (1.3.6)
    yard (0.8.5.2)

PLATFORMS
  ruby

DEPENDENCIES
  adsf
  builder
  compass
  haml
  listen
  nanoc
  pry
  pry-debugger
  pry-doc
  pry-stack_explorer
  rb-fsevent
  redcarpet!
  rouge
  sass
